GIT
  remote: git://github.com/donv/capybara-screenshot-diff.git
  revision: afed7d8794cbde92802a3b9c4b00cff6857ad7cd
  specs:
    capybara-screenshot-diff (0.2.0)
      actionpack (~> 4.1)
      capybara (~> 2.0)
      chunky_png (~> 1.3)

GIT
  remote: git://github.com/donv/script_relocator.git
  revision: 61ddcbfc5502ea868aa0ca5df3732a42838ad978
  specs:
    script_relocator (0.1.1)
      nokogiri (~> 1.6)

GIT
  remote: git://github.com/rails/actionpack-page_caching.git
  revision: 97b83705189652b90bd2670864ee245b22b9d330
  specs:
    actionpack-page_caching (1.0.2)
      actionpack (>= 4.0.0, < 5)

GIT
  remote: git://github.com/rails/rails-observers.git
  revision: 3fe157d6cbb5b5e767ded248009fc59443d63fa1
  specs:
    rails-observers (0.1.3.alpha)
      activemodel (>= 4.0, < 5.1)

GEM
  remote: https://rubygems.org/
  specs:
    actionmailer (4.2.7.1)
      actionpack (= 4.2.7.1)
      actionview (= 4.2.7.1)
      activejob (= 4.2.7.1)
      mail (~> 2.5, >= 2.5.4)
      rails-dom-testing (~> 1.0, >= 1.0.5)
    actionpack (4.2.7.1)
      actionview (= 4.2.7.1)
      activesupport (= 4.2.7.1)
      rack (~> 1.6)
      rack-test (~> 0.6.2)
      rails-dom-testing (~> 1.0, >= 1.0.5)
      rails-html-sanitizer (~> 1.0, >= 1.0.2)
    actionview (4.2.7.1)
      activesupport (= 4.2.7.1)
      builder (~> 3.1)
      erubis (~> 2.7.0)
      rails-dom-testing (~> 1.0, >= 1.0.5)
      rails-html-sanitizer (~> 1.0, >= 1.0.2)
    activejob (4.2.7.1)
      activesupport (= 4.2.7.1)
      globalid (>= 0.3.0)
    activemodel (4.2.7.1)
      activesupport (= 4.2.7.1)
      builder (~> 3.1)
    activerecord (4.2.7.1)
      activemodel (= 4.2.7.1)
      activesupport (= 4.2.7.1)
      arel (~> 6.0)
    activerecord-jdbc-adapter (1.3.21)
      activerecord (>= 2.2)
    activerecord-jdbcpostgresql-adapter (1.3.21)
      activerecord-jdbc-adapter (~> 1.3.21)
      jdbc-postgres (>= 9.1)
    activerecord-time (0.6.1)
      activerecord (>= 3.2.21, < 5.0.0)
    activesupport (4.2.7.1)
      i18n (~> 0.7)
      json (~> 1.7, >= 1.7.7)
      minitest (~> 5.1)
      thread_safe (~> 0.3, >= 0.3.4)
      tzinfo (~> 1.1)
    acts_as_list (0.7.7)
      activerecord (>= 3.0)
    acts_as_tree (2.5.0)
      activerecord (>= 3.0.0)
    addressable (2.4.0)
    airbrussh (1.1.0)
      sshkit (>= 1.6.1, != 1.7.0)
    anemone (0.7.2)
      nokogiri (>= 1.3.0)
      robotex (>= 1.0.0)
    ansi (1.5.0)
    arel (6.0.3)
    ast (2.3.0)
    autoprefixer-rails (6.4.0.2)
      execjs
    bcrypt (3.1.11)
    bcrypt (3.1.11-java)
    bootstrap-sass (3.3.4.1)
      autoprefixer-rails (>= 5.0.0.1)
      sass (>= 3.2.19)
    bootstrap3-datetimepicker-rails (4.17.37)
      momentjs-rails (>= 2.8.1)
    builder (3.2.2)
    capistrano (3.6.0)
      airbrussh (>= 1.0.0)
      capistrano-harrow
      i18n
      rake (>= 10.0.0)
      sshkit (>= 1.9.0)
    capistrano-bundler (1.1.4)
      capistrano (~> 3.1)
      sshkit (~> 1.2)
    capistrano-harrow (0.5.3)
    capistrano-rails (1.1.7)
      capistrano (~> 3.1)
      capistrano-bundler (~> 1.1)
    capistrano-rvm (0.1.2)
      capistrano (~> 3.0)
      sshkit (~> 1.2)
    capistrano-scm-copy (0.7.0)
      capistrano (~> 3.0)
    capybara (2.8.0)
      addressable
      mime-types (>= 1.16)
      nokogiri (>= 1.3.3)
      rack (>= 1.0.0)
      rack-test (>= 0.5.4)
      xpath (~> 2.0)
    childprocess (0.5.9)
      ffi (~> 1.0, >= 1.0.11)
    chosen-rails (1.5.2)
      coffee-rails (>= 3.2)
      railties (>= 3.0)
      sass-rails (>= 3.2)
    chosen-sass-bootstrap-rails (0.0.4)
      bootstrap-sass (~> 3.1)
      chosen-rails
      compass-rails (~> 2.0)
      sass-rails (~> 4.0)
    chunky_png (1.3.6)
    cliver (0.3.2)
    coffee-rails (4.2.1)
      coffee-script (>= 2.2.0)
      railties (>= 4.0.0, < 5.2.x)
    coffee-script (2.4.1)
      coffee-script-source
      execjs
    coffee-script-source (1.10.0)
    compass (0.12.7)
      chunky_png (~> 1.2)
      fssm (>= 0.2.7)
      sass (~> 3.2.19)
    compass-rails (2.0.0)
      compass (>= 0.12.2)
    crack (0.4.3)
      safe_yaml (~> 1.0.0)
    database_cleaner (1.5.3)
    docile (1.1.5)
    domain_name (0.5.20160615)
      unf (>= 0.0.5, < 1.0.0)
    draper (2.1.0)
      actionpack (>= 3.0)
      activemodel (>= 3.0)
      activesupport (>= 3.0)
      request_store (~> 1.0)
    dynamic_form (1.1.4)
    erubis (2.7.0)
    exception_notification (4.2.1)
      actionmailer (>= 4.0, < 6)
      activesupport (>= 4.0, < 6)
    execjs (2.7.0)
    ffi (1.9.14)
    ffi (1.9.14-java)
    font-awesome-rails (4.6.3.1)
      railties (>= 3.2, < 5.1)
    fssm (0.2.10)
    globalid (0.3.7)
      activesupport (>= 4.1.0)
    gmaps4rails (1.5.7)
    gruff (0.7.0)
      rmagick (~> 2.13, >= 2.13.4)
    gruff (0.7.0-java)
      rmagick4j (~> 0.3, >= 0.3.9)
    hashdiff (0.3.0)
    hike (1.2.3)
    http-cookie (1.0.2)
      domain_name (~> 0.5)
    i18n (0.7.0)
    its-it (1.3.0)
    jbuilder (2.6.0)
      activesupport (>= 3.0.0, < 5.1)
      multi_json (~> 1.2)
    jdbc-postgres (9.4.1206)
    jquery-rails (4.1.1)
      rails-dom-testing (>= 1, < 3)
      railties (>= 4.2.0)
      thor (>= 0.14, < 2.0)
    json (1.8.3)
    json (1.8.3-java)
    key_struct (0.4.2)
    kramdown (1.12.0)
    libv8 (3.16.14.15)
    lograge (0.4.1)
      actionpack (>= 4, < 5.1)
      activesupport (>= 4, < 5.1)
      railties (>= 4, < 5.1)
    loofah (2.0.3)
      nokogiri (>= 1.5.9)
    mail (2.6.4)
      mime-types (>= 1.16, < 4)
    mechanize (2.7.3)
      domain_name (~> 0.5, >= 0.5.1)
      http-cookie (~> 1.0)
      mime-types (~> 2.0)
      net-http-digest_auth (~> 1.1, >= 1.1.1)
      net-http-persistent (~> 2.5, >= 2.5.2)
      nokogiri (~> 1.4)
      ntlm-http (~> 0.1, >= 0.1.1)
      webrobots (>= 0.0.9, < 0.2)
    metaclass (0.0.4)
    mime-types (2.99.2)
    mini_portile2 (2.1.0)
    minitest (5.9.0)
    minitest-capybara (0.8.2)
      capybara (~> 2.2)
      minitest (~> 5.0)
      rake
    minitest-metadata (0.6.0)
      minitest (>= 4.7, < 6.0)
    minitest-rails (2.2.1)
      minitest (~> 5.7)
      railties (~> 4.1)
    minitest-rails-capybara (2.1.2)
      capybara (~> 2.7)
      minitest-capybara (~> 0.8)
      minitest-metadata (~> 0.6)
      minitest-rails (~> 2.1)
    minitest-reporters (1.1.11)
      ansi
      builder
      minitest (>= 5.0)
      ruby-progressbar
    mocha (1.1.0)
      metaclass (~> 0.0.1)
    modware (0.1.3)
      key_struct (~> 0.4)
    momentjs-rails (2.11.1)
      railties (>= 3.1)
    multi_json (1.12.1)
    net-http-digest_auth (1.4)
    net-http-persistent (2.9.4)
    net-scp (1.2.1)
      net-ssh (>= 2.6.5)
    net-ssh (3.2.0)
    nokogiri (1.6.8)
      mini_portile2 (~> 2.1.0)
      pkg-config (~> 1.1.7)
    nokogiri (1.6.8-java)
    nprogress-rails (0.2.0.2)
    ntlm-http (0.1.1)
    oily_png (1.2.0)
      chunky_png (~> 1.3.1)
    parser (2.3.1.2)
      ast (~> 2.2)
    pdf-core (0.4.0)
    pg (0.18.4)
    pkg-config (1.1.7)
    poltergeist (1.10.0)
      capybara (~> 2.1)
      cliver (~> 0.3.1)
      websocket-driver (>= 0.2.0)
    powerpack (0.1.1)
    prawn (1.3.0)
      pdf-core (~> 0.4.0)
      ttfunk (~> 1.4.0)
    prawn-table (0.2.2)
      prawn (>= 1.3.0, < 3.0.0)
    puma (3.6.0)
    puma (3.6.0-java)
    rack (1.6.4)
    rack-mini-profiler (0.10.1)
      rack (>= 1.2.0)
    rack-test (0.6.3)
      rack (>= 1.0)
    rails (4.2.7.1)
      actionmailer (= 4.2.7.1)
      actionpack (= 4.2.7.1)
      actionview (= 4.2.7.1)
      activejob (= 4.2.7.1)
      activemodel (= 4.2.7.1)
      activerecord (= 4.2.7.1)
      activesupport (= 4.2.7.1)
      bundler (>= 1.3.0, < 2.0)
      railties (= 4.2.7.1)
      sprockets-rails
    rails-deprecated_sanitizer (1.0.3)
      activesupport (>= 4.2.0.alpha)
    rails-dom-testing (1.0.7)
      activesupport (>= 4.2.0.beta, < 5.0)
      nokogiri (~> 1.6.0)
      rails-deprecated_sanitizer (>= 1.0.1)
    rails-html-sanitizer (1.0.3)
      loofah (~> 2.0)
    rails-i18n (4.0.9)
      i18n (~> 0.7)
      railties (~> 4.0)
    railties (4.2.7.1)
      actionpack (= 4.2.7.1)
      activesupport (= 4.2.7.1)
      rake (>= 0.8.7)
      thor (>= 0.18.1, < 2.0)
    rainbow (2.1.0)
    rake (11.2.2)
    ref (2.0.0)
    request_store (1.3.1)
    ri_cal (0.8.8)
    rmagick (2.16.0)
    rmagick4j (0.4.0-java)
    robotex (1.0.0)
    rubocop (0.42.0)
      parser (>= 2.3.1.1, < 3.0)
      powerpack (~> 0.1)
      rainbow (>= 1.99.1, < 3.0)
      ruby-progressbar (~> 1.7)
      unicode-display_width (~> 1.0, >= 1.0.1)
    ruby-progressbar (1.8.1)
    rubyzip (1.2.0)
    rufus-scheduler (3.2.2)
    safe_yaml (1.0.4)
    sass (3.2.19)
    sass-rails (4.0.5)
      railties (>= 4.0.0, < 5.0)
      sass (~> 3.2.2)
      sprockets (~> 2.8, < 3.0)
      sprockets-rails (~> 2.0)
    schema_auto_foreign_keys (0.1.2)
      its-it (~> 1.2)
      schema_plus_foreign_keys (~> 0.1)
      schema_plus_indexes (~> 0.2)
    schema_monkey (2.1.5)
      activerecord (>= 4.2)
      modware (~> 0.1)
    schema_plus (2.0.1)
      activerecord (~> 4.2)
      schema_auto_foreign_keys (~> 0.1)
      schema_monkey (~> 2.1)
      schema_plus_columns (~> 0.1)
      schema_plus_core (~> 1.0)
      schema_plus_db_default (~> 0.1)
      schema_plus_default_expr (~> 0.1)
      schema_plus_enums (~> 0.1)
      schema_plus_foreign_keys (~> 0.1)
      schema_plus_indexes (~> 0.1, >= 0.1.3)
      schema_plus_pg_indexes (~> 0.1, >= 0.1.3)
      schema_plus_tables (~> 0.1)
      schema_plus_views (~> 0.1)
    schema_plus_columns (0.1.2)
      activerecord (~> 4.2)
      its-it (~> 1.2)
      schema_plus_indexes (~> 0.1)
    schema_plus_core (1.0.2)
      activerecord (~> 4.2)
      its-it (~> 1.2)
      schema_monkey (~> 2.1)
    schema_plus_db_default (0.1.1)
      activerecord (~> 4.2)
      schema_plus_core (~> 1.0)
    schema_plus_default_expr (0.1.3)
      activerecord (~> 4.2)
      its-it (~> 1.2)
      schema_plus_core (~> 1.0)
    schema_plus_enums (0.1.4)
      activerecord (~> 4.2)
      its-it (~> 1.2)
      schema_plus_core (~> 1.0)
    schema_plus_foreign_keys (0.1.6)
      activerecord (~> 4.2)
      its-it (~> 1.2)
      schema_plus_core (~> 1.0)
      valuable
    schema_plus_indexes (0.2.3)
      activerecord (~> 4.2)
      its-it (~> 1.2)
      schema_plus_core (~> 1.0)
    schema_plus_pg_indexes (0.1.12)
      activerecord (~> 4.2)
      its-it (~> 1.2)
      schema_plus_core (~> 1.0)
      schema_plus_indexes (~> 0.1, >= 0.1.3)
    schema_plus_tables (0.1.1)
      activerecord (~> 4.2)
      schema_plus_core (~> 1.0)
    schema_plus_views (0.3.1)
      activerecord (~> 4.2)
      schema_plus_core (~> 1.0)
    selenium-webdriver (2.53.4)
      childprocess (~> 0.5)
      rubyzip (~> 1.0)
      websocket (~> 1.0)
    simple_drilldown (0.0.3)
      rails
    simple_workflow (1.1.2)
      rails (~> 4.0)
    simplecov (0.12.0)
      docile (~> 1.1.0)
      json (>= 1.8, < 3)
      simplecov-html (~> 0.10.0)
    simplecov-html (0.10.0)
    slim (3.0.7)
      temple (~> 0.7.6)
      tilt (>= 1.3.3, < 2.1)
    slim-rails (3.1.0)
      actionpack (>= 3.1)
      railties (>= 3.1)
      slim (~> 3.0)
    sprockets (2.12.4)
      hike (~> 1.2)
      multi_json (~> 1.0)
      rack (~> 1.0)
      tilt (~> 1.1, != 1.3.0)
    sprockets-rails (2.3.3)
      actionpack (>= 3.0)
      activesupport (>= 3.0)
      sprockets (>= 2.8, < 4.0)
    sshkit (1.11.2)
      net-scp (>= 1.1.2)
      net-ssh (>= 2.8.0)
    temple (0.7.7)
    therubyracer (0.12.2)
      libv8 (~> 3.16.14.0)
      ref
    therubyrhino (2.0.4)
      therubyrhino_jar (>= 1.7.3)
    therubyrhino_jar (1.7.6)
    thor (0.19.1)
    thread_safe (0.3.5)
    thread_safe (0.3.5-java)
    tilt (1.4.1)
    timecop (0.8.1)
    tinymce-rails (4.4.1)
      railties (>= 3.1.1)
    tinymce-rails-langs (4.20160310)
      tinymce-rails (~> 4.1, >= 4.1.10)
    ttfunk (1.4.0)
    tzinfo (1.2.2)
      thread_safe (~> 0.1)
    uglifier (3.0.1)
      execjs (>= 0.3.0, < 3)
    unf (0.1.4)
      unf_ext
    unf (0.1.4-java)
    unf_ext (0.0.7.2)
    unicode-display_width (1.1.0)
    unicode_utils (1.4.0)
    valuable (0.9.12)
    vcr (3.0.3)
    webmock (2.1.0)
      addressable (>= 2.3.6)
      crack (>= 0.3.2)
      hashdiff
    webrobots (0.1.2)
    websocket (1.2.3)
    websocket-driver (0.6.4)
      websocket-extensions (>= 0.1.0)
    websocket-driver (0.6.4-java)
      websocket-extensions (>= 0.1.0)
    websocket-extensions (0.1.2)
    will_paginate (3.1.0)
    xpath (2.0.0)
      nokogiri (~> 1.3)

PLATFORMS
  java
  ruby

DEPENDENCIES
  actionpack-page_caching!
  activerecord-jdbcpostgresql-adapter
  activerecord-time
  acts_as_list
  acts_as_tree
  anemone
  bcrypt
  bootstrap-sass (!= 3.3.5)
  bootstrap3-datetimepicker-rails
  capistrano
  capistrano-bundler
  capistrano-rails
  capistrano-rvm
  capistrano-scm-copy
  capybara-screenshot-diff!
  chosen-rails
  chosen-sass-bootstrap-rails (>= 0.0.4)
  chunky_png
  coffee-rails
  database_cleaner
  draper
  dynamic_form
  exception_notification
  font-awesome-rails
  gmaps4rails (< 2.0.0)
  gruff
  jbuilder
  jquery-rails
  kramdown
  lograge
  mechanize (!= 2.7.4)
  minitest-rails-capybara
  minitest-reporters
  mocha
  momentjs-rails
  nokogiri
  nprogress-rails
  oily_png
  pg
  poltergeist
  prawn (< 2.0.0)
  prawn-table
  puma
  rack-mini-profiler
  rails (~> 4.2.1)
  rails-i18n
  rails-observers!
  rake
  ri_cal
  rubocop
  rufus-scheduler
  sass-rails (>= 4.0.5)
  schema_plus
  script_relocator!
  selenium-webdriver
  simple_drilldown
  simple_workflow
  simplecov
  slim-rails
  therubyracer
  therubyrhino
  timecop
  tinymce-rails
  tinymce-rails-langs
  uglifier
  unicode_utils
  vcr
  webmock
  will_paginate

BUNDLED WITH
   1.12.5
