GEM
  remote: https://rubygems.org/
  specs:
    RedCloth (4.2.9-java)
    actionmailer (4.1.6)
      actionpack (= 4.1.6)
      actionview (= 4.1.6)
      mail (~> 2.5, >= 2.5.4)
    actionpack (4.1.6)
      actionview (= 4.1.6)
      activesupport (= 4.1.6)
      rack (~> 1.5.2)
      rack-test (~> 0.6.2)
    actionpack-page_caching (1.0.2)
      actionpack (>= 4.0.0, < 5)
    actionview (4.1.6)
      activesupport (= 4.1.6)
      builder (~> 3.1)
      erubis (~> 2.7.0)
    activemodel (4.1.6)
      activesupport (= 4.1.6)
      builder (~> 3.1)
    activerecord (4.1.6)
      activemodel (= 4.1.6)
      activesupport (= 4.1.6)
      arel (~> 5.0.0)
    activerecord-jdbc-adapter (1.3.10)
      activerecord (>= 2.2)
    activerecord-jdbcpostgresql-adapter (1.3.10)
      activerecord-jdbc-adapter (~> 1.3.10)
      jdbc-postgres (>= 9.1)
    activerecord-time (0.2.0)
    activesupport (4.1.6)
      i18n (~> 0.6, >= 0.6.9)
      json (~> 1.7, >= 1.7.7)
      minitest (~> 5.1)
      thread_safe (~> 0.1)
      tzinfo (~> 1.1)
    acts_as_list (0.4.0)
      activerecord (>= 3.0)
    acts_as_tree (2.1.0)
      activerecord (>= 3.0.0)
    ansi (1.4.3)
    arel (5.0.1.20140414130214)
    bootstrap-sass (3.2.0.2)
      sass (~> 3.2)
    bootstrap3-datetimepicker-rails (3.1.3)
      momentjs-rails (>= 2.8.1)
    builder (3.2.2)
    capistrano (2.15.5)
      highline
      net-scp (>= 1.0.0)
      net-sftp (>= 2.0.0)
      net-ssh (>= 2.0.14)
      net-ssh-gateway (>= 1.1.0)
    capybara (2.4.3)
      mime-types (>= 1.16)
      nokogiri (>= 1.3.3)
      rack (>= 1.0.0)
      rack-test (>= 0.5.4)
      xpath (~> 2.0)
    childprocess (0.5.5)
      ffi (~> 1.0, >= 1.0.11)
    chunky_png (1.3.1)
    coffee-rails (4.0.1)
      coffee-script (>= 2.2.0)
      railties (>= 4.0.0, < 5.0)
    coffee-script (2.3.0)
      coffee-script-source
      execjs
    coffee-script-source (1.8.0)
    colorbox-rails (0.1.2)
      jquery-rails
      rails (>= 3.1.1)
    database_cleaner (1.3.0)
    docile (1.1.5)
    domain_name (0.5.21)
      unf (>= 0.0.5, < 1.0.0)
    draper (1.4.0)
      actionpack (>= 3.0)
      activemodel (>= 3.0)
      activesupport (>= 3.0)
      request_store (~> 1.0)
    dynamic_form (1.1.4)
    erubis (2.7.0)
    exception_notification (4.0.1)
      actionmailer (>= 3.0.4)
      activesupport (>= 3.0.4)
    execjs (2.2.1)
    ffi (1.9.5-java)
    gmaps4rails (1.5.6)
    gruff (0.5.1-java)
      rmagick4j
    highline (1.6.21)
    hike (1.2.3)
    http-cookie (1.0.2)
      domain_name (~> 0.5)
    i18n (0.6.11)
    jbuilder (2.1.3)
      activesupport (>= 3.0.0, < 5)
      multi_json (~> 1.2)
    jdbc-postgres (9.3.1102)
    jquery-rails (3.1.2)
      railties (>= 3.0, < 5.0)
      thor (>= 0.14, < 2.0)
    jquery-turbolinks (2.1.0)
      railties (>= 3.1.0)
      turbolinks
    json (1.8.1-java)
    mail (2.6.1)
      mime-types (>= 1.16, < 3)
    mechanize (2.7.3)
      domain_name (~> 0.5, >= 0.5.1)
      http-cookie (~> 1.0)
      mime-types (~> 2.0)
      net-http-digest_auth (~> 1.1, >= 1.1.1)
      net-http-persistent (~> 2.5, >= 2.5.2)
      nokogiri (~> 1.4)
      ntlm-http (~> 0.1, >= 0.1.1)
      webrobots (>= 0.0.9, < 0.2)
    metaclass (0.0.4)
    mime-types (2.3)
    minitest (5.4.2)
    minitest-capybara (0.7.1)
      capybara (~> 2.2)
      minitest (~> 5.0)
      rake
    minitest-metadata (0.5.3)
      minitest (>= 4.7, < 6.0)
    minitest-rails (2.1.0)
      minitest (~> 5.4)
      railties (~> 4.1)
    minitest-rails-capybara (2.1.1)
      capybara (~> 2.0)
      minitest-capybara (~> 0.7.0)
      minitest-metadata (~> 0.5.0)
      minitest-rails (~> 2.1)
    minitest-reporters (1.0.5)
      ansi
      builder
      minitest (>= 5.0)
      ruby-progressbar
    mocha (1.1.0)
      metaclass (~> 0.0.1)
    momentjs-rails (2.8.3)
      railties (>= 3.1)
    multi_json (1.10.1)
    net-http-digest_auth (1.4)
    net-http-persistent (2.9.4)
    net-scp (1.2.1)
      net-ssh (>= 2.6.5)
    net-sftp (2.1.2)
      net-ssh (>= 2.6.5)
    net-ssh (2.9.1)
    net-ssh-gateway (1.2.0)
      net-ssh (>= 2.6.5)
    nokogiri (1.6.3.1-java)
    nprogress-rails (0.1.6.2)
    ntlm-http (0.1.1)
    pdf-core (0.4.0)
    prawn (1.3.0)
      pdf-core (~> 0.4.0)
      ttfunk (~> 1.4.0)
    prawn-table (0.2.0)
    puma (2.9.1-java)
      rack (>= 1.1, < 2.0)
    rack (1.5.2)
    rack-mini-profiler (0.9.2)
      rack (>= 1.1.3)
    rack-test (0.6.2)
      rack (>= 1.0)
    rails (4.1.6)
      actionmailer (= 4.1.6)
      actionpack (= 4.1.6)
      actionview (= 4.1.6)
      activemodel (= 4.1.6)
      activerecord (= 4.1.6)
      activesupport (= 4.1.6)
      bundler (>= 1.3.0, < 2.0)
      railties (= 4.1.6)
      sprockets-rails (~> 2.0)
    rails-i18n (4.0.3)
      i18n (~> 0.6)
      railties (~> 4.0)
    rails-observers (0.1.2)
      activemodel (~> 4.0)
    railties (4.1.6)
      actionpack (= 4.1.6)
      activesupport (= 4.1.6)
      rake (>= 0.8.7)
      thor (>= 0.18.1, < 2.0)
    rake (10.3.2)
    rdoc (4.1.2)
      json (~> 1.4)
    red_cloth_formatters_plain (0.2.1)
      RedCloth (>= 4.2.3)
    redbox (1.0.4)
    request_store (1.1.0)
    ri_cal (0.8.8)
    rmagick4j (0.3.8)
    ruby-progressbar (1.6.0)
    rubyzip (1.1.6)
    rufus-scheduler (3.0.9)
      tzinfo
    sass (3.2.19)
    sass-rails (4.0.3)
      railties (>= 4.0.0, < 5.0)
      sass (~> 3.2.0)
      sprockets (~> 2.8, <= 2.11.0)
      sprockets-rails (~> 2.0)
    schema_plus (1.6.0)
      activerecord (>= 3.2)
      valuable
    sdoc (0.4.1)
      json (~> 1.7, >= 1.7.7)
      rdoc (~> 4.0)
    selenium-webdriver (2.43.0)
      childprocess (~> 0.5)
      multi_json (~> 1.0)
      rubyzip (~> 1.0)
      websocket (~> 1.0)
    simple_drilldown (0.0.3)
      rails
    simple_workflow (1.0.5)
      rails (~> 4.0)
    simplecov (0.9.1)
      docile (~> 1.1.0)
      multi_json (~> 1.0)
      simplecov-html (~> 0.8.0)
    simplecov-html (0.8.0)
    sprockets (2.11.0)
      hike (~> 1.2)
      multi_json (~> 1.0)
      rack (~> 1.0)
      tilt (~> 1.1, != 1.3.0)
    sprockets-rails (2.1.4)
      actionpack (>= 3.0)
      activesupport (>= 3.0)
      sprockets (~> 2.8)
    therubyrhino (2.0.4)
      therubyrhino_jar (>= 1.7.3)
    therubyrhino_jar (1.7.4)
    thor (0.19.1)
    thread_safe (0.3.4-java)
    tilt (1.4.1)
    timecop (0.7.1)
    tinymce-rails (4.1.5)
      railties (>= 3.1.1)
    tinymce-rails-langs (4.20140129)
      tinymce-rails (~> 4.0)
    ttfunk (1.4.0)
    turbolinks (2.3.0)
      coffee-rails
    tzinfo (1.2.2)
      thread_safe (~> 0.1)
    uglifier (2.5.3)
      execjs (>= 0.3.0)
      json (>= 1.8.0)
    unf (0.1.4-java)
    unicode_utils (1.4.0)
    valuable (0.9.8)
    webrobots (0.1.1)
    websocket (1.2.1)
    will_paginate (3.0.7)
    xpath (2.0.0)
      nokogiri (~> 1.3)

PLATFORMS
  java

DEPENDENCIES
  RedCloth
  actionpack-page_caching
  activerecord-jdbcpostgresql-adapter
  activerecord-time
  acts_as_list
  acts_as_tree
  bootstrap-sass
  bootstrap3-datetimepicker-rails
  capistrano (< 3.0.0)
  chunky_png
  coffee-rails
  colorbox-rails
  database_cleaner
  draper
  dynamic_form
  exception_notification
  gmaps4rails (< 2.0.0)
  gruff
  jbuilder
  jquery-rails
  jquery-turbolinks
  mechanize
  minitest-rails-capybara
  minitest-reporters
  mocha
  momentjs-rails
  nokogiri
  nprogress-rails
  prawn
  prawn-table
  puma
  rack-mini-profiler
  rails
  rails-i18n
  rails-observers
  rake
  rdoc
  red_cloth_formatters_plain
  redbox (~> 1.0.4)
  ri_cal
  rmagick4j
  rufus-scheduler
  sass-rails
  schema_plus
  sdoc
  selenium-webdriver
  simple_drilldown
  simple_workflow
  simplecov
  therubyrhino
  timecop
  tinymce-rails
  tinymce-rails-langs
  turbolinks
  uglifier
  unicode_utils
  will_paginate
