GIT
  remote: https://github.com/AlexNisnevich/jquery_datepicker.git
  revision: 6980f8579a927d0cf1ea09869a741066cd9a447e
  specs:
    jquery_datepicker (0.4.1)

GIT
  remote: https://github.com/sandal/prawn.git
  revision: 857f13e919d1bd7120de1ea9ba0429620329865b
  specs:
    prawn (1.0.0.rc1)
      pdf-reader (>= 0.9.0)
      ttfunk (~> 1.0.3)

GEM
  remote: https://rubygems.org/
  specs:
    Ascii85 (1.0.2)
    RedCloth (4.2.9)
    RedCloth (4.2.9-java)
    actionmailer (3.2.11)
      actionpack (= 3.2.11)
      mail (~> 2.4.4)
    actionpack (3.2.11)
      activemodel (= 3.2.11)
      activesupport (= 3.2.11)
      builder (~> 3.0.0)
      erubis (~> 2.7.0)
      journey (~> 1.0.4)
      rack (~> 1.4.0)
      rack-cache (~> 1.2)
      rack-test (~> 0.6.1)
      sprockets (~> 2.2.1)
    activemodel (3.2.11)
      activesupport (= 3.2.11)
      builder (~> 3.0.0)
    activerecord (3.2.11)
      activemodel (= 3.2.11)
      activesupport (= 3.2.11)
      arel (~> 3.0.2)
      tzinfo (~> 0.3.29)
    activerecord-jdbc-adapter (1.2.5)
    activerecord-jdbcpostgresql-adapter (1.2.5)
      activerecord-jdbc-adapter (~> 1.2.5)
      jdbc-postgres (>= 9.1, < 9.3)
    activeresource (3.2.11)
      activemodel (= 3.2.11)
      activesupport (= 3.2.11)
    activesupport (3.2.11)
      i18n (~> 0.6)
      multi_json (~> 1.0)
    acts_as_list (0.1.9)
    acts_as_tree (1.2.0)
      activerecord (>= 3.0.0)
    afm (0.2.0)
    ansi (1.4.3)
    arel (3.0.2)
    bouncy-castle-java (1.5.0146.1)
    builder (3.0.4)
    coffee-rails (3.2.2)
      coffee-script (>= 2.2.0)
      railties (~> 3.2.0)
    coffee-script (2.2.0)
      coffee-script-source
      execjs
    coffee-script-source (1.4.0)
    dynamic_form (1.1.4)
    erubis (2.7.0)
    execjs (1.4.0)
      multi_json (~> 1.0)
    gmaps4rails (1.5.6)
    gruff (0.3.7)
    hashery (2.1.0)
    hashie (1.2.0)
    hike (1.2.1)
    httparty (0.10.0)
      multi_json (~> 1.0)
      multi_xml
    i18n (0.6.1)
    jdbc-postgres (9.2.1002)
    journey (1.0.4)
    jquery-rails (2.1.4)
      railties (>= 3.0, < 5.0)
      thor (>= 0.14, < 2.0)
    jquery-ui-themes (0.0.8)
      httparty
    jruby-openssl (0.8.2)
      bouncy-castle-java (>= 1.5.0146.1)
    jruby-rack (1.1.13.1)
    json (1.7.6)
    json (1.7.6-java)
    mail (2.4.4)
      i18n (>= 0.4.0)
      mime-types (~> 1.16)
      treetop (~> 1.4.8)
    metaclass (0.0.1)
    mime-types (1.19)
    minitest (4.4.0)
    minitest-reporters (0.14.2)
      ansi
      builder
      minitest (>= 2.12, < 5.0)
      powerbar
    mocha (0.13.1)
      metaclass (~> 0.0.1)
    multi_json (1.5.0)
    multi_xml (0.5.2)
    pdf-reader (1.3.0)
      Ascii85 (~> 1.0.0)
      afm (~> 0.2.0)
      hashery (~> 2.0)
      ruby-rc4
      ttfunk
    polyglot (0.3.3)
    powerbar (1.0.11)
      ansi (~> 1.4.0)
      hashie (>= 1.1.0)
    rack (1.4.4)
    rack-cache (1.2)
      rack (>= 0.4)
    rack-ssl (1.3.2)
      rack
    rack-test (0.6.2)
      rack (>= 1.0)
    rails (3.2.11)
      actionmailer (= 3.2.11)
      actionpack (= 3.2.11)
      activerecord (= 3.2.11)
      activeresource (= 3.2.11)
      activesupport (= 3.2.11)
      bundler (~> 1.0)
      railties (= 3.2.11)
    rails-i18n (0.7.2)
      i18n (~> 0.5)
    railties (3.2.11)
      actionpack (= 3.2.11)
      activesupport (= 3.2.11)
      rack-ssl (~> 1.3.2)
      rake (>= 0.8.7)
      rdoc (~> 3.4)
      thor (>= 0.14.6, < 2.0)
    rake (10.0.3)
    rdoc (3.12)
      json (~> 1.4)
    red_cloth_formatters_plain (0.2.0)
      RedCloth (>= 4.2.3)
    redbox (1.0.4)
    ri_cal (0.8.8)
    rmagick4j (0.3.7)
    ruby-rc4 (0.1.5)
    rufus-scheduler (2.0.17)
      tzinfo (>= 0.3.23)
    sass (3.2.5)
    sass-rails (3.2.5)
      railties (~> 3.2.0)
      sass (>= 3.1.10)
      tilt (~> 1.3)
    simple_workflow (0.4.2)
      rails (>= 3.0.0)
    sprockets (2.2.2)
      hike (~> 1.2)
      multi_json (~> 1.0)
      rack (~> 1.0)
      tilt (~> 1.1, != 1.3.0)
    therubyrhino (2.0.2)
      therubyrhino_jar (>= 1.7.3)
    therubyrhino_jar (1.7.4)
    thor (0.16.0)
    tilt (1.3.3)
    tinymce-rails (3.5.8)
      railties (>= 3.1.1)
    treetop (1.4.12)
      polyglot
      polyglot (>= 0.3.1)
    trinidad (1.4.4)
      jruby-rack (>= 1.1.10)
      trinidad_jars (>= 1.1.0)
    trinidad_daemon_extension (0.4.0)
      trinidad (>= 1.3.5)
    trinidad_jars (1.2.0)
    ttfunk (1.0.3)
    tzinfo (0.3.35)
    uglifier (1.3.0)
      execjs (>= 0.3.0)
      multi_json (~> 1.0, >= 1.0.2)
    will_paginate (3.0.4)

PLATFORMS
  java

DEPENDENCIES
  RedCloth
  activerecord-jdbcpostgresql-adapter
  acts_as_list
  acts_as_tree
  coffee-rails
  dynamic_form
  gmaps4rails
  gruff
  jquery-rails
  jquery-ui-themes
  jquery_datepicker!
  jruby-openssl
  minitest-reporters
  mocha
  prawn!
  rails (~> 3.2.2)
  rails-i18n
  rdoc
  red_cloth_formatters_plain
  redbox (~> 1.0.4)
  ri_cal
  rmagick4j
  rufus-scheduler
  sass-rails
  simple_workflow
  therubyrhino
  tinymce-rails
  trinidad
  trinidad_daemon_extension
  uglifier
  will_paginate
