GIT
  remote: git://github.com/donv/jquery_datepicker.git
  revision: 1ae3609ca6e592d994dbd24bb8b457225e4a9103
  specs:
    jquery_datepicker (0.4)

GIT
  remote: git://github.com/lomba/schema_plus.git
  revision: 3f912157d11e27b3cf2ce277e91d4e22ca54fe92
  specs:
    schema_plus (1.2.0)
      rails (>= 3.2)
      valuable

GEM
  remote: https://rubygems.org/
  specs:
    Ascii85 (1.0.2)
    RedCloth (4.2.9-java)
    actionmailer (3.2.15)
      actionpack (= 3.2.15)
      mail (~> 2.5.4)
    actionpack (3.2.15)
      activemodel (= 3.2.15)
      activesupport (= 3.2.15)
      builder (~> 3.0.0)
      erubis (~> 2.7.0)
      journey (~> 1.0.4)
      rack (~> 1.4.5)
      rack-cache (~> 1.2)
      rack-test (~> 0.6.1)
      sprockets (~> 2.2.1)
    activemodel (3.2.15)
      activesupport (= 3.2.15)
      builder (~> 3.0.0)
    activerecord (3.2.15)
      activemodel (= 3.2.15)
      activesupport (= 3.2.15)
      arel (~> 3.0.2)
      tzinfo (~> 0.3.29)
    activerecord-jdbc-adapter (1.3.2)
      activerecord (>= 2.2)
    activerecord-jdbcpostgresql-adapter (1.3.2)
      activerecord-jdbc-adapter (~> 1.3.2)
      jdbc-postgres (>= 9.1)
    activerecord-time (0.0.1)
    activeresource (3.2.15)
      activemodel (= 3.2.15)
      activesupport (= 3.2.15)
    activesupport (3.2.15)
      i18n (~> 0.6, >= 0.6.4)
      multi_json (~> 1.0)
    acts_as_list (0.3.0)
      activerecord (>= 3.0)
    acts_as_tree (1.4.0)
      activerecord (>= 3.0.0)
    afm (0.2.0)
    ansi (1.4.3)
    arel (3.0.2)
    attr_required (0.0.5)
    bootstrap-sass (2.3.2.2)
      sass (~> 3.2)
    builder (3.0.4)
    capistrano (2.15.5)
      highline
      net-scp (>= 1.0.0)
      net-sftp (>= 2.0.0)
      net-ssh (>= 2.0.14)
      net-ssh-gateway (>= 1.1.0)
    coffee-rails (3.2.2)
      coffee-script (>= 2.2.0)
      railties (~> 3.2.0)
    coffee-script (2.2.0)
      coffee-script-source
      execjs
    coffee-script-source (1.6.3)
    colorbox-rails (0.1.0)
      jquery-rails
      rails (>= 3.1.1)
    dynamic_form (1.1.4)
    erubis (2.7.0)
    exception_notification (4.0.1)
      actionmailer (>= 3.0.4)
      activesupport (>= 3.0.4)
    execjs (2.0.2)
    fb_graph (2.7.8)
      httpclient (>= 2.2.0.2)
      multi_json (>= 1.3)
      rack-oauth2 (>= 0.14.4)
      tzinfo
    gmaps4rails (1.5.6)
    gruff (0.5.1-java)
      rmagick4j
    hashery (2.1.1)
    hashie (2.0.5)
    highline (1.6.20)
    hike (1.2.3)
    httparty (0.12.0)
      json (~> 1.8)
      multi_xml (>= 0.5.2)
    httpclient (2.3.4.1)
    i18n (0.6.5)
    jdbc-postgres (9.2.1002.1)
    journey (1.0.4)
    jquery-rails (3.0.4)
      railties (>= 3.0, < 5.0)
      thor (>= 0.14, < 2.0)
    jquery-ui-rails (4.0.5)
      railties (>= 3.1.0)
    jquery-ui-themes (0.0.11)
      httparty
    jruby-rack (1.1.13.2)
    json (1.8.1-java)
    mail (2.5.4)
      mime-types (~> 1.16)
      treetop (~> 1.4.8)
    metaclass (0.0.1)
    mime-types (1.25)
    minitest (4.7.5)
    minitest-reporters (0.14.23)
      ansi
      builder
      minitest (>= 2.12, < 5.0)
      powerbar
    mocha (0.14.0)
      metaclass (~> 0.0.1)
    multi_json (1.8.2)
    multi_xml (0.5.5)
    net-scp (1.1.2)
      net-ssh (>= 2.6.5)
    net-sftp (2.1.2)
      net-ssh (>= 2.6.5)
    net-ssh (2.7.0)
    net-ssh-gateway (1.2.0)
      net-ssh (>= 2.6.5)
    pdf-reader (1.3.3)
      Ascii85 (~> 1.0.0)
      afm (~> 0.2.0)
      hashery (~> 2.0)
      ruby-rc4
      ttfunk
    polyglot (0.3.3)
    powerbar (1.0.11)
      ansi (~> 1.4.0)
      hashie (>= 1.1.0)
    prawn (1.0.0.rc2)
      afm
      pdf-reader (>= 0.9.0, < 2.0)
      ruby-rc4
      ttfunk (~> 1.0.3)
    rack (1.4.5)
    rack-cache (1.2)
      rack (>= 0.4)
    rack-oauth2 (1.0.5)
      activesupport (>= 2.3)
      attr_required (>= 0.0.5)
      httpclient (>= 2.2.0.2)
      multi_json (>= 1.3.6)
      rack (>= 1.1)
    rack-ssl (1.3.3)
      rack
    rack-test (0.6.2)
      rack (>= 1.0)
    rails (3.2.15)
      actionmailer (= 3.2.15)
      actionpack (= 3.2.15)
      activerecord (= 3.2.15)
      activeresource (= 3.2.15)
      activesupport (= 3.2.15)
      bundler (~> 1.0)
      railties (= 3.2.15)
    rails-i18n (3.0.0)
      i18n (~> 0.5)
      rails (>= 3.0.0, < 4.0.0)
    railties (3.2.15)
      actionpack (= 3.2.15)
      activesupport (= 3.2.15)
      rack-ssl (~> 1.3.2)
      rake (>= 0.8.7)
      rdoc (~> 3.4)
      thor (>= 0.14.6, < 2.0)
    rake (10.1.0)
    rdoc (3.12.2)
      json (~> 1.4)
    red_cloth_formatters_plain (0.2.1)
      RedCloth (>= 4.2.3)
    redbox (1.0.4)
    ri_cal (0.8.8)
    rmagick4j (0.3.8)
    ruby-rc4 (0.1.5)
    rufus-scheduler (3.0.2)
      tzinfo
    sass (3.2.12)
    sass-rails (3.2.6)
      railties (~> 3.2.0)
      sass (>= 3.1.10)
      tilt (~> 1.3)
    simple_drilldown (0.0.3)
      rails
    simple_workflow (0.4.5)
      rails (>= 3.0.0)
    sprockets (2.2.2)
      hike (~> 1.2)
      multi_json (~> 1.0)
      rack (~> 1.0)
      tilt (~> 1.1, != 1.3.0)
    therubyrhino (2.0.2)
      therubyrhino_jar (>= 1.7.3)
    therubyrhino_jar (1.7.4)
    thor (0.18.1)
    tilt (1.4.1)
    timecop (0.6.3)
    tinymce-rails (4.0.8)
      railties (>= 3.1.1)
    tinymce-rails-langs (4.20130625)
      tinymce-rails (~> 4.0)
    treetop (1.4.15)
      polyglot
      polyglot (>= 0.3.1)
    trinidad (1.4.5)
      jruby-rack (>= 1.1.13)
      trinidad_jars (>= 1.2.3)
    trinidad_daemon_extension (0.4.0)
      trinidad (>= 1.3.5)
    trinidad_jars (1.2.4)
    ttfunk (1.0.3)
    turbo-sprockets-rails3 (0.3.10)
      railties (> 3.2.8, < 4.0.0)
      sprockets (>= 2.0.0)
    tzinfo (0.3.38)
    uglifier (2.2.1)
      execjs (>= 0.3.0)
      multi_json (~> 1.0, >= 1.0.2)
    unicode_utils (1.4.0)
    valuable (0.9.8)
    will_paginate (3.0.5)

PLATFORMS
  java

DEPENDENCIES
  RedCloth
  activerecord-jdbc-adapter
  activerecord-jdbcpostgresql-adapter
  activerecord-time
  acts_as_list
  acts_as_tree
  bootstrap-sass
  capistrano (< 3.0.0)
  coffee-rails
  colorbox-rails
  dynamic_form
  exception_notification
  fb_graph
  gmaps4rails (< 2.0.0)
  gruff
  jquery-rails
  jquery-ui-rails
  jquery-ui-themes
  jquery_datepicker!
  minitest-reporters
  mocha
  prawn (~> 1.0.0.rc2)
  rails (~> 3.2.2)
  rails-i18n
  rake
  rdoc
  red_cloth_formatters_plain
  redbox (~> 1.0.4)
  ri_cal
  rmagick4j
  rufus-scheduler
  sass-rails
  schema_plus!
  simple_drilldown
  simple_workflow
  therubyrhino
  timecop
  tinymce-rails
  tinymce-rails-langs
  trinidad
  trinidad_daemon_extension
  turbo-sprockets-rails3
  uglifier
  unicode_utils
  will_paginate
