GEM
  remote: http://rubygems.org/
  specs:
    Ascii85 (1.0.1)
    RedCloth (4.2.7)
    RedCloth (4.2.7-java)
    actionmailer (2.3.11)
      actionpack (= 2.3.11)
    actionpack (2.3.11)
      activesupport (= 2.3.11)
      rack (~> 1.1.0)
    activerecord (2.3.11)
      activesupport (= 2.3.11)
    activerecord-jdbc-adapter (1.1.1)
    activerecord-jdbcpostgresql-adapter (1.1.1)
      activerecord-jdbc-adapter (= 1.1.1)
      jdbc-postgres (~> 9.0.0)
    activeresource (2.3.11)
      activesupport (= 2.3.11)
    activesupport (2.3.11)
    bouncy-castle-java (1.5.0146.1)
    daemons (1.1.0)
    delayed_job (2.0.3)
      daemons
    gruff (0.3.6)
    jdbc-postgres (9.0.801)
    jruby-openssl (0.7.4)
      bouncy-castle-java
    jruby-rack (1.0.9)
    pdf-reader (0.10.0)
      Ascii85 (~> 1.0.0)
    prawn (0.12.0)
      pdf-reader (>= 0.9.0)
      ttfunk (~> 1.0.2)
    rack (1.1.2)
    rails (2.3.11)
      actionmailer (= 2.3.11)
      actionpack (= 2.3.11)
      activerecord (= 2.3.11)
      activeresource (= 2.3.11)
      activesupport (= 2.3.11)
      rake (>= 0.8.3)
    rake (0.9.0)
    rmagick4j (0.3.7)
    trinidad (1.2.0)
      jruby-rack (>= 1.0.9)
      trinidad_jars (>= 1.0.1)
    trinidad_daemon_extension (0.2.8)
      trinidad_jars (>= 0.1.1)
    trinidad_jars (1.0.1)
    ttfunk (1.0.2)

PLATFORMS
  java
  ruby

DEPENDENCIES
  RedCloth
  activerecord-jdbcpostgresql-adapter
  delayed_job
  gruff
  jdbc-postgres
  jruby-openssl
  prawn
  rails (~> 2.3.10)
  rmagick4j
  trinidad
  trinidad_daemon_extension
